PATH
  remote: .
  specs:
    enumeration (1.2.1)

GEM
  remote: http://rubygems.org/
  specs:
    ansi (1.3.0)
    assert (0.2.1)
      ansi (~> 1.3)
    rake (0.9.2)

PLATFORMS
  ruby

DEPENDENCIES
  assert (~> 0.2.0)
  bundler (~> 1.0)
  enumeration!
  rake (~> 0.9.2)
